GEM
  remote: https://rubygems.org/
  specs:
    ast (2.3.0)
    ethon (0.9.0)
      ffi (>= 1.3.0)
    ffi (1.9.14)
    foreman (0.82.0)
      thor (~> 0.19.1)
    json (2.0.1)
    jwt (1.5.4)
    parser (2.3.1.2)
      ast (~> 2.2)
    powerpack (0.1.1)
    puma (3.4.0)
    rack (1.6.4)
    rack-protection (1.5.3)
      rack
    rainbow (2.1.0)
    rethinkdb (2.3.0.0)
      json
    rubocop (0.41.2)
      parser (>= 2.3.1.1, < 3.0)
      powerpack (~> 0.1)
      rainbow (>= 1.99.1, < 3.0)
      ruby-progressbar (~> 1.7)
      unicode-display_width (~> 1.0, >= 1.0.1)
    ruby-progressbar (1.8.1)
    sinatra (1.4.7)
      rack (~> 1.5)
      rack-protection (~> 1.4)
      tilt (>= 1.3, < 3)
    thor (0.19.1)
    tilt (2.0.5)
    typhoeus (1.0.2)
      ethon (>= 0.9.0)
    unicode-display_width (1.1.0)

PLATFORMS
  ruby

DEPENDENCIES
  foreman (~> 0.82.0)
  jwt (~> 1.5.4)
  puma (~> 3.4.0)
  rethinkdb (~> 2.3.0.0)
  rubocop (~> 0.41.2)
  sinatra (~> 1.4.7)
  typhoeus (~> 1.0.2)

BUNDLED WITH
   1.12.3
